GEM
  remote: http://rubygems.org/
  specs:
    activesupport (3.0.10)
    async-rack (0.5.1)
      rack (~> 1.1)
    builder (3.0.0)
    capybara (1.0.1)
      mime-types (>= 1.16)
      nokogiri (>= 1.3.3)
      rack (>= 1.0.0)
      rack-test (>= 0.5.4)
      selenium-webdriver (~> 2.0)
      xpath (~> 0.1.4)
    childprocess (0.2.2)
      ffi (~> 1.0.6)
    cramp (0.15.1)
      activesupport (~> 3.0.9)
      eventmachine (~> 1.0.0.beta.3)
      rack (~> 1.3.2)
      thor (~> 0.14.6)
    cucumber (1.1.2)
      builder (>= 2.1.2)
      diff-lcs (>= 1.1.2)
      gherkin (~> 2.6.2)
      json (>= 1.4.6)
      term-ansicolor (>= 1.0.6)
    daemons (1.1.4)
    diff-lcs (1.1.3)
    eventmachine (1.0.0.beta.4)
    ffi (1.0.11)
    gherkin (2.6.4)
      json (>= 1.4.6)
    http_router (0.10.2)
      rack (>= 1.0.0)
      url_mount (~> 0.2.1)
    json (1.6.1)
    json_pure (1.6.1)
    mime-types (1.17.2)
    nokogiri (1.5.0)
    rack (1.3.5)
    rack-test (0.6.1)
      rack (>= 1.0)
    rspec (2.7.0)
      rspec-core (~> 2.7.0)
      rspec-expectations (~> 2.7.0)
      rspec-mocks (~> 2.7.0)
    rspec-core (2.7.1)
    rspec-cramp (0.1.1)
      cramp (~> 0.15)
      eventmachine (~> 1.0.0.beta.3)
      http_router (~> 0.10)
      rack (~> 1.3.2)
      rspec (~> 2.6)
    rspec-expectations (2.7.0)
      diff-lcs (~> 1.1.2)
    rspec-mocks (2.7.0)
    rubyzip (0.9.4)
    selenium-webdriver (2.12.2)
      childprocess (>= 0.2.1)
      ffi (~> 1.0.9)
      json_pure
      rubyzip
    term-ansicolor (1.0.7)
    thin (1.3.1)
      daemons (>= 1.0.9)
      eventmachine (>= 0.12.6)
      rack (>= 1.0.0)
    thor (0.14.6)
    url_mount (0.2.1)
      rack
    xpath (0.1.4)
      nokogiri (~> 1.3)

PLATFORMS
  ruby

DEPENDENCIES
  async-rack
  capybara (~> 1.0.1)
  cramp
  cucumber
  http_router
  rspec-cramp
  thin
